REDIRECTS: ON
RESTRICTION: == net462
NUGET
  remote: https://api.nuget.org/v3/index.json
    GreenPipes (2.1.4)
    MassTransit (5.5.2)
      GreenPipes (>= 2.1.4)
      NewId (>= 3.0.1)
      Newtonsoft.Json (>= 11.0.2)
      Newtonsoft.Json.Bson (>= 1.0.1)
      System.Reflection.Emit.Lightweight (>= 4.3)
      System.ValueTuple (>= 4.5)
    MassTransit.RabbitMQ (5.5.2)
      GreenPipes (>= 2.1.4)
      MassTransit (>= 5.5.2)
      NewId (>= 3.0.1)
      Newtonsoft.Json (>= 11.0.2)
      RabbitMQ.Client (>= 5.1)
    Microsoft.Diagnostics.Tracing.EventSource.Redist (1.1.28)
    NewId (3.0.1)
    Newtonsoft.Json (12.0.2)
    Newtonsoft.Json.Bson (1.0.2)
      Newtonsoft.Json (>= 12.0.1)
    RabbitMQ.Client (5.1)
      Microsoft.Diagnostics.Tracing.EventSource.Redist (>= 1.1.28)
    System.Reflection.Emit.Lightweight (4.3)
    System.ValueTuple (4.5)
